GEM
  remote: http://rubygems.org/
  specs:
    actionmailer (3.2.19)
      actionpack (= 3.2.19)
      mail (~> 2.5.3)
    actionpack (3.2.19)
      activemodel (= 3.2.19)
      activesupport (= 3.2.19)
      builder (~> 3.2.2)
      erubis (~> 2.7.0)
      journey (~> 1.0.4)
      rack (~> 1.4.5)
      rack-cache (~> 1.2)
      rack-test (~> 0.6.1)
      sprockets (~> 2.10.1)
    active_scaffold (3.4.0)
      rails (>= 3.2.19, < 5)
    activemodel (3.2.19)
      activesupport (= 3.2.19)
      builder (~> 3.2.2)
    activerecord (3.2.19)
      activemodel (= 3.2.19)
      activesupport (= 3.2.19)
      arel (~> 4.0.0)
      tzinfo (~> 0.3.29)
    activeresource (3.2.19)
      activemodel (= 3.2.19)
      activesupport (= 3.2.19)
    activesupport (3.2.19)
      i18n (= 0.6.9)
      multi_json (~> 1.0)
    addressable (2.3.4)
    apn_on_rails (0.5.1)
      actionpack
      activerecord
      configatron
    arel (4.0.0)
    arr-pm (0.0.9)
      cabin (> 0)
    backports (3.6.4)
    bcrypt-ruby (3.1.2)
    blueprint-rails (0.2.0)
      railties (>= 3.0, < 5.0)
      thor (>= 0.14, < 2.0)
    bourbon (3.1.8)
      sass (>= 3.2.0)
      thor
    builder (3.2.2)
    cabin (0.6.1)
    capistrano (2.12.0)
      highline
      net-scp (>= 1.0.0)
      net-sftp (>= 2.0.0)
      net-ssh (>= 2.0.14)
      net-ssh-gateway (>= 1.1.0)
    childprocess (0.5.5)
      ffi (~> 1.0, >= 1.0.11)
    chronic (0.10.1)
    chunky_png (1.2.8)
    clamp (0.6.3)
    climate_control (0.0.3)
      activesupport (>= 3.0)
    cocaine (0.5.3)
      climate_control (>= 0.0.3, < 1.0)
    coffee-rails (3.2.2)
      coffee-script (>= 2.2.0)
      railties (~> 3.2.0)
    coffee-script (2.2.0)
      coffee-script-source
      execjs
    coffee-script-source (1.3.3)
    columnize (0.3.6)
    configatron (2.13.0)
      yamler (>= 0.1.0)
    dalli (2.7.0)
    debugger (1.6.8)
      columnize (>= 0.3.1)
      debugger-linecache (~> 1.2.0)
      debugger-ruby_core_source (~> 1.3.5)
    debugger-linecache (1.2.0)
    debugger-ruby_core_source (1.3.5)
    delayed_job (3.0.5)
      activesupport (~> 3.0)
    devise (2.2.8)
      bcrypt-ruby (~> 3.0)
      orm_adapter (~> 0.1)
      railties (>= 3.1, < 5)
      warden (~> 1.2.1)
    devise-encryptable (0.1.2)
      devise (>= 2.1.0)
    erubis (2.7.0)
    exception_notification (4.0.0)
      actionmailer (>= 3.0.4)
      activesupport (>= 3.0.4)
    execjs (1.4.0)
    factory_girl (4.2.0)
      activesupport (>= 3.0.0)
    factory_girl_rails (4.2.1)
      factory_girl (~> 4.2.0)
      railties (>= 3.0.0)
    fancybox2-rails (0.2.4)
      railties (>= 3.1.0)
    ffi (1.9.6)
    fpm (1.3.3)
      arr-pm (~> 0.0.9)
      backports (>= 2.6.2)
      cabin (>= 0.6.0)
      childprocess
      clamp (~> 0.6)
      ffi
      json (>= 1.7.7)
    haml (4.0.5)
      tilt
    highline (1.6.20)
    hike (1.2.1)
    i18n (0.6.9)
    iban-tools (0.0.9)
    journey (1.0.4)
    jquery-rails (3.0.4)
      railties (>= 3.0, < 5.0)
      thor (>= 0.14, < 2.0)
    jquery-ui-rails (4.0.3)
      jquery-rails
      railties (>= 3.1.0)
    json (1.8.0)
    libv8 (3.11.8.17)
    mail (2.5.4)
      mime-types (~> 1.16)
      treetop (~> 1.4.8)
    metaclass (0.0.1)
    mime-types (1.25)
    mocha (0.14.0)
      metaclass (~> 0.0.1)
    multi_json (1.8.0)
    mysql2 (0.3.14)
    net-scp (1.1.1)
      net-ssh (>= 2.6.5)
    net-sftp (2.1.2)
      net-ssh (>= 2.6.5)
    net-ssh (2.6.8)
    net-ssh-gateway (1.2.0)
      net-ssh (>= 2.6.5)
    newrelic_rpm (3.6.5.130)
    orm_adapter (0.4.0)
    paperclip (4.1.1)
      activemodel (>= 3.0.0)
      activesupport (>= 3.0.0)
      cocaine (~> 0.5.3)
      mime-types
    polyglot (0.3.3)
    qrencoder (1.4.1)
      chunky_png (~> 1.1)
    rack (1.4.5)
    rack-cache (1.2)
      rack (>= 0.4)
    rack-ssl (1.3.2)
      rack
    rack-test (0.6.2)
      rack (>= 1.0)
    rails (3.2.19)
      actionmailer (= 3.2.19)
      actionpack (= 3.2.19)
      activerecord (= 3.2.19)
      activeresource (= 3.2.19)
      activesupport (= 3.2.19)
      bundler (~> 1.0)
      railties (= 3.2.19)
    railties (3.2.19)
      actionpack (= 3.2.19)
      activesupport (= 3.2.19)
      rack-ssl (~> 1.3.2)
      rake (>= 0.8.7)
      rdoc (~> 3.4)
      thor (>= 0.14.6, < 2.0)
    rake (10.0.4)
    rdoc (3.12.2)
      json (~> 1.4)
    recaptcha (0.3.6)
    ref (1.0.5)
    rotp (1.4.1)
    sass (3.2.12)
    sass-rails (3.2.5)
      railties (~> 3.2.0)
      sass (>= 3.1.10)
      tilt (~> 1.3)
    sprockets (2.10.1)
      hike (~> 1.2)
      multi_json (~> 1.0)
      rack (~> 1.0)
      tilt (~> 1.1, != 1.3.0)
    therubyracer (0.11.4)
      libv8 (~> 3.11.8.12)
      ref
    thor (0.18.1.20140116)
    tilt (1.4.1)
    transitions (0.1.11)
    treetop (1.4.14)
      polyglot
      polyglot (>= 0.3.1)
    tzinfo (0.3.37)
    uglifier (1.3.0)
      execjs (>= 0.3.0)
      multi_json (~> 1.0, >= 1.0.2)
    warden (1.2.3)
      rack (>= 1.0)
    whenever (0.8.4)
      activesupport (>= 2.3.4)
      chronic (>= 0.6.3)
    will_paginate (3.0.5)
    yamler (0.1.0)

PLATFORMS
  ruby

DEPENDENCIES
  active_scaffold (= 3.4.0)
  addressable (= 2.3.4)
  apn_on_rails
  arel (= 4.0.0)
  blueprint-rails (= 0.2.0)
  bourbon (= 3.1.8)
  capistrano (= 2.12.0)
  coffee-rails (= 3.2.2)
  dalli (= 2.7.0)
  debugger (= 1.6.8)
  delayed_job (= 3.0.5)
  devise (= 2.2.8)
  devise-encryptable (= 0.1.2)
  exception_notification (= 4.0.0)
  execjs (= 1.4.0)
  factory_girl_rails (= 4.2.1)
  fancybox2-rails (~> 0.2.4)
  fpm (= 1.3.3)
  haml (= 4.0.5)
  iban-tools (= 0.0.9)
  jquery-rails (= 3.0.4)
  jquery-ui-rails (= 4.0.3)
  mocha (= 0.14.0)
  mysql2 (= 0.3.14)
  newrelic_rpm (= 3.6.5.130)
  paperclip (= 4.1.1)
  qrencoder (= 1.4.1)
  rack (= 1.4.5)
  rails (= 3.2.19)
  rake (= 10.0.4)
  recaptcha (= 0.3.6)
  rotp (~> 1.4.1)
  sass-rails (= 3.2.5)
  therubyracer (= 0.11.4)
  transitions (= 0.1.11)
  uglifier (= 1.3.0)
  whenever (= 0.8.4)
  will_paginate (~> 3.0.5)
